GIT
  remote: https://github.com/halostatue/mime-types.git
  revision: b8d2208cc34e9b9ca6456182742dcb3bfc47daf6
  ref: v1.22
  specs:
    mime-types (1.20.1)

PATH
  remote: /Users/stevendavidovitz/src/personal/double_doc
  specs:
    double_doc (1.2.1)
      erubis
      pygments.rb (~> 0.2)
      rake
      redcarpet (~> 2.1)

GEM
  remote: https://rubygems.org/
  specs:
    erubis (2.7.0)
    posix-spawn (0.3.6)
    pygments.rb (0.4.2)
      posix-spawn (~> 0.3.6)
      yajl-ruby (~> 1.1.0)
    rake (10.0.4)
    redcarpet (2.2.2)
    yajl-ruby (1.1.0)

PLATFORMS
  ruby

DEPENDENCIES
  double_doc!
  mime-types!
